GIT
  remote: git://github.com/opal/opal-browser.git
  revision: e132807e5188c3d389812ff8a5f067164b67d427
  specs:
    opal-browser (0.2.0)
      opal
      paggio

PATH
  remote: .
  specs:
    lissio (0.1.0.beta3)
      opal (>= 0.6.0)
      opal-browser (>= 0.2.0.beta1)
      rack
      thor
      uglifier

GEM
  remote: https://rubygems.org/
  specs:
    execjs (2.5.2)
    hike (1.2.3)
    json (1.8.3)
    opal (0.8.0)
      hike (~> 1.2)
      sourcemap (~> 0.1.0)
      sprockets (~> 3.1)
      tilt (>= 1.4)
    opal-rspec (0.4.3)
      opal (>= 0.7.0, < 0.9)
    paggio (0.2.4)
    rack (1.6.4)
    rake (10.4.2)
    sourcemap (0.1.1)
    sprockets (3.2.0)
      rack (~> 1.0)
    thor (0.19.1)
    tilt (2.0.1)
    uglifier (2.7.1)
      execjs (>= 0.3.0)
      json (>= 1.8.0)

PLATFORMS
  ruby

DEPENDENCIES
  lissio!
  opal-browser!
  opal-rspec
  rake

BUNDLED WITH
   1.10.5
